PATH
  remote: .
  specs:
    ruql-olx (1.0.0)
      builder (~> 3.0)
      ruql (~> 1.0, >= 1.0.2)

GEM
  remote: https://rubygems.org/
  specs:
    builder (3.2.4)
    diff-lcs (1.4.4)
    rake (10.5.0)
    rspec (3.9.0)
      rspec-core (~> 3.9.0)
      rspec-expectations (~> 3.9.0)
      rspec-mocks (~> 3.9.0)
    rspec-core (3.9.2)
      rspec-support (~> 3.9.3)
    rspec-expectations (3.9.2)
      diff-lcs (>= 1.2.0, < 2.0)
      rspec-support (~> 3.9.0)
    rspec-mocks (3.9.1)
      diff-lcs (>= 1.2.0, < 2.0)
      rspec-support (~> 3.9.0)
    rspec-support (3.9.3)
    ruql (1.0.4)

PLATFORMS
  ruby

DEPENDENCIES
  bundler (~> 1.17)
  rake (~> 10.0)
  rspec (~> 3.0)
  ruql-olx!

BUNDLED WITH
   1.17.3
